GEM
  remote: https://rubygems.org/
  specs:
    minitest (5.14.3)

PLATFORMS
  ruby

DEPENDENCIES
  minitest (~> 5.14, >= 5.14.3)

BUNDLED WITH
   2.1.4
